GIT
  remote: https://github.com/edwinvdgraaf/roger.git
  revision: 69318ca2e6d050d1210e4d31a6085e75952a53c0
  branch: gh-pages-for-travis
  specs:
    roger (0.12.4)
      hpricot (>= 0.6.4)
      mime-types (~> 2.2)
      rack (>= 1.0.0)
      redcarpet (>= 3.1.1)
      thor (~> 0.16.0)
      tilt (~> 2.0.1)

GEM
  remote: https://rubygems.org/
  specs:
    coderay (1.1.0)
    hpricot (0.8.6)
    method_source (0.8.2)
    mime-types (2.4.3)
    pry (0.9.12.3)
      coderay (~> 1.0)
      method_source (~> 0.8)
      slop (~> 3.4)
    rack (1.5.2)
    redcarpet (3.2.1)
    roger_sass (1.0.1)
      roger (>= 0.11.0)
      sass
    sass (3.3.12)
    slop (3.4.6)
    thor (0.16.0)
    tilt (2.0.1)

PLATFORMS
  ruby

DEPENDENCIES
  pry
  redcarpet
  roger!
  roger_sass
