GEM
  remote: https://rubygems.org/
  specs:
    coderay (1.1.0)
    hpricot (0.8.4)
    method_source (0.8.2)
    mime-types (2.6.2)
    pry (0.10.1)
      coderay (~> 1.1.0)
      method_source (~> 0.8.1)
      slop (~> 3.4)
    rack (1.6.4)
    redcarpet (3.2.2)
    roger (1.4.6)
      hpricot (= 0.8.4)
      mime-types (~> 2.2)
      rack (>= 1.0.0)
      redcarpet (>= 3.1.1)
      test_construct (~> 2.0)
      thor (~> 0.19.0)
      tilt (~> 2.0.1)
    roger_sass (1.0.1)
      roger (>= 0.11.0)
      sass
    sass (3.4.9)
    slop (3.6.0)
    test_construct (2.0.1)
    thor (0.19.1)
    tilt (2.0.1)

PLATFORMS
  ruby

DEPENDENCIES
  pry
  redcarpet
  roger
  roger_sass

BUNDLED WITH
   1.10.6
